GEM
  remote: https://rubygems.org/
  specs:
    bcrypt_pbkdf (1.0.0)
    capistrano (3.4.1)
      i18n
      rake (>= 10.0.0)
      sshkit (~> 1.3)
    capistrano-cachetool (1.0.3)
    capistrano-composer (0.0.6)
      capistrano (>= 3.0.0.pre)
    capistrano-file-permissions (1.0.0)
      capistrano (~> 3.0)
    capistrano-symfony (2.0.0.pre.alfa2)
      capistrano (~> 3.1)
      capistrano-composer (~> 0.0.3)
      capistrano-file-permissions (~> 1.0)
    capistrano-yarn (2.0.2)
      capistrano (~> 3.0)
    concurrent-ruby (1.1.4)
    ed25519 (1.2.4)
    i18n (1.5.3)
      concurrent-ruby (~> 1.0)
    net-scp (1.2.1)
      net-ssh (>= 2.6.5)
    net-ssh (5.1.0)
    rake (13.0.1)
    sshkit (1.18.0)
      net-scp (>= 1.1.2)
      net-ssh (>= 2.8.0)

PLATFORMS
  ruby

DEPENDENCIES
  bcrypt_pbkdf
  capistrano (~> 3.4.0)
  capistrano-cachetool
  capistrano-symfony (~> 2.0.0.pre.alfa2)
  capistrano-yarn
  ed25519

BUNDLED WITH
   1.12.5
